GEM
  remote: http://rubygems.org/
  remote: http://gems.github.com/
  specs:
    addressable (2.2.4)
    bson (1.2.0)
    bson_ext (1.2.0)
    faraday (0.5.4)
      addressable (~> 2.2.2)
      multipart-post (~> 1.1.0)
      rack (>= 1.1.0, < 2)
    faraday_middleware (0.3.1)
      faraday (~> 0.5.3)
    haml (3.0.25)
    hashie (0.4.0)
    mongo (1.2.0)
      bson (>= 1.2.0)
    multi_json (0.0.5)
    multi_xml (0.2.0)
    multipart-post (1.1.0)
    rack (1.2.1)
    shotgun (0.8)
      rack (>= 1.0)
    simple_oauth (0.1.3)
    sinatra (1.1.2)
      rack (~> 1.1)
      tilt (~> 1.2)
    tilt (1.2.2)
    twitter (1.1.1)
      faraday (~> 0.5.4)
      faraday_middleware (~> 0.3.1)
      hashie (~> 0.4.0)
      multi_json (~> 0.0.5)
      multi_xml (~> 0.2.0)
      simple_oauth (~> 0.1.3)

PLATFORMS
  ruby

DEPENDENCIES
  bson_ext
  haml
  mongo
  shotgun
  sinatra
  twitter
